PATH
  remote: .
  specs:
    algolia (0.1.0)
      faraday (~> 0.15)
      multi_json (~> 1.0)

GEM
  remote: https://rubygems.org/
  specs:
    addressable (2.7.0)
      public_suffix (>= 2.0.2, < 5.0)
    ast (2.4.0)
    crack (0.4.3)
      safe_yaml (~> 1.0.0)
    docile (1.3.2)
    faraday (0.17.3)
      multipart-post (>= 1.2, < 3)
    hashdiff (1.0.1)
    http-2-next (0.2.6)
    httpx (0.8.1)
      http-2-next (>= 0.1.2)
      timers
    jaro_winkler (1.5.4)
    m (1.5.1)
      method_source (>= 0.6.7)
      rake (>= 0.9.2.2)
    method_source (1.0.0)
    minitest (5.14.0)
    minitest-ci (3.4.0)
      minitest (>= 5.0.6)
    minitest-hooks (1.5.0)
      minitest (> 5.3)
    minitest-proveit (1.0.0)
      minitest (> 5, < 7)
    multi_json (1.14.1)
    multipart-post (2.1.1)
    parallel (1.19.1)
    parser (2.7.1.1)
      ast (~> 2.4.0)
    public_suffix (4.0.4)
    rainbow (3.0.0)
    rake (10.5.0)
    rexml (3.2.4)
    rubocop (0.82.0)
      jaro_winkler (~> 1.5.1)
      parallel (~> 1.10)
      parser (>= 2.7.0.1)
      rainbow (>= 2.2.2, < 4.0)
      rexml
      ruby-progressbar (~> 1.7)
      unicode-display_width (>= 1.4.0, < 2.0)
    ruby-progressbar (1.10.1)
    safe_yaml (1.0.5)
    simplecov (0.18.5)
      docile (~> 1.1)
      simplecov-html (~> 0.11)
    simplecov-html (0.12.2)
    timers (4.3.0)
    unicode-display_width (1.7.0)
    webmock (3.8.3)
      addressable (>= 2.3.6)
      crack (>= 0.3.2)
      hashdiff (>= 0.4.0, < 2.0.0)
    yard (0.9.24)

PLATFORMS
  ruby

DEPENDENCIES
  algolia!
  bundler
  httpx
  m
  minitest
  minitest-ci
  minitest-hooks
  minitest-proveit
  rake
  rubocop
  simplecov
  webmock
  yard

BUNDLED WITH
   1.17.3
